GEM
  remote: https://rubygems.org/
  specs:
    ansi (1.5.0)
    ast (2.3.0)
    auto_reloader (0.4.1)
    builder (3.2.3)
    coderay (1.1.2)
    docile (1.1.5)
    dotenv (2.2.1)
    erubi (1.7.0)
    foreman (0.84.0)
      thor (~> 0.19.1)
    json (2.1.0)
    method_source (0.9.0)
    minitest (5.10.3)
    minitest-autotest (1.0.3)
      minitest-server (~> 1.0)
    minitest-power_assert (0.3.0)
      minitest
      power_assert (>= 1.1)
    minitest-reporters (1.1.18)
      ansi
      builder
      minitest (>= 5.0)
      ruby-progressbar
    minitest-server (1.0.4)
      minitest (~> 5.0)
    parallel (1.12.0)
    parser (2.4.0.0)
      ast (~> 2.2)
    passenger (5.1.11)
      rack
      rake (>= 0.8.1)
    pg (0.21.0)
    power_assert (1.1.1)
    powerpack (0.1.1)
    pry (0.11.2)
      coderay (~> 1.1.0)
      method_source (~> 0.9.0)
    puma (3.10.0)
    rack (2.0.3)
    rack-test (0.7.0)
      rack (>= 1.0, < 3)
    rainbow (2.2.2)
      rake
    rake (12.2.1)
    roda (3.1.0)
      rack
    roda-basic-auth (0.1.1)
      roda (>= 2.0, < 4.0)
    rubocop (0.51.0)
      parallel (~> 1.10)
      parser (>= 2.3.3.1, < 3.0)
      powerpack (~> 0.1)
      rainbow (>= 2.2.2, < 3.0)
      ruby-progressbar (~> 1.7)
      unicode-display_width (~> 1.0, >= 1.0.1)
    ruby-progressbar (1.9.0)
    sequel (5.2.0)
    sequel_pg (1.8.0)
      pg (>= 0.18.0)
      sequel (>= 4.34.0)
    sequel_postgresql_triggers (1.3.0)
      sequel
    simplecov (0.15.1)
      docile (~> 1.1.0)
      json (>= 1.8, < 3)
      simplecov-html (~> 0.10.0)
    simplecov-html (0.10.2)
    thor (0.19.4)
    tilt (2.0.8)
    unicode-display_width (1.3.0)

PLATFORMS
  ruby

DEPENDENCIES
  auto_reloader (~> 0.4)
  dotenv (~> 2.2)
  erubi (~> 1.7)
  foreman (~> 0.84)
  minitest (~> 5.10)
  minitest-autotest (~> 1.0)
  minitest-power_assert (~> 0.3)
  minitest-reporters (~> 1.1)
  passenger (~> 5.1)
  pg (~> 0.21)
  pry (~> 0.11)
  puma (~> 3.10)
  rack-test (~> 0.7)
  rake (~> 12.2)
  roda (~> 3.1)
  roda-basic-auth (~> 0.1)
  rubocop (~> 0.51)
  sequel (~> 5.2)
  sequel_pg (~> 1.8)
  sequel_postgresql_triggers (~> 1.3)
  simplecov (~> 0.15)
  tilt (~> 2.0)

RUBY VERSION
   ruby 2.4.2p198

BUNDLED WITH
   1.16.0
